GEM
  remote: https://rubygems.org/
  specs:
    bson (1.9.2)
    mongo (1.9.2)
      bson (~> 1.9.2)
    rack (1.5.2)
    rack-protection (1.5.0)
      rack
    ruby (0.1.0)
    sinatra (1.4.3)
      rack (~> 1.4)
      rack-protection (~> 1.4)
      tilt (~> 1.3, >= 1.3.4)
    tilt (1.4.1)

PLATFORMS
  ruby

DEPENDENCIES
  mongo
  ruby
  sinatra (= 1.4.3)
